PATH
  remote: .
  specs:
    quicsilver (0.1.0)

GEM
  remote: https://rubygems.org/
  specs:
    minitest (5.25.5)
    rake (10.5.0)
    rake-compiler (1.3.0)
      rake
    rake-compiler-dock (1.9.1)

PLATFORMS
  arm64-darwin-23
  ruby

DEPENDENCIES
  bundler (~> 2.0)
  minitest (~> 5.0)
  quicsilver!
  rake (~> 10.0)
  rake-compiler (~> 1.2)
  rake-compiler-dock (~> 1.3)

BUNDLED WITH
   2.6.5
